GEM
  remote: http://rubygems.org/
  specs:
    blankslate (2.1.2.4)
    coderay (0.9.8)
    diff-lcs (1.1.3)
    flexmock (0.9.0)
    growl (1.0.3)
    guard (0.7.0)
      thor (~> 0.14.6)
    guard-rspec (0.4.5)
      guard (>= 0.4.0)
    json (1.6.1)
    method_source (0.6.6)
      ruby_parser (~> 2.0.5)
    nokogiri (1.5.0)
    pry (0.9.6.2)
      coderay (~> 0.9.8)
      method_source (~> 0.6.5)
      ruby_parser (~> 2.0.5)
      slop (~> 2.1.0)
    rake (0.9.2)
    rdoc (3.9.4)
    rspec (2.6.0)
      rspec-core (~> 2.6.0)
      rspec-expectations (~> 2.6.0)
      rspec-mocks (~> 2.6.0)
    rspec-core (2.6.4)
    rspec-expectations (2.6.0)
      diff-lcs (~> 1.1.2)
    rspec-mocks (2.6.0)
    ruby_parser (2.0.6)
      sexp_processor (~> 3.0)
    sanitize (2.0.3)
      nokogiri (< 1.6, >= 1.4.4)
    sdoc (0.3.11)
      json (>= 1.1.3)
      rdoc (~> 3)
      sanitize (~> 2)
    sexp_processor (3.0.7)
    slop (2.1.0)
    thor (0.14.6)

PLATFORMS
  ruby

DEPENDENCIES
  blankslate (~> 2)
  flexmock
  growl
  guard
  guard-rspec
  pry
  rake
  rdoc
  rspec
  sdoc
